GIT
  remote: https://github.com/mackstar/rspec_junit_formatter.git
  revision: 0eb0908d14fd0a75797d9e253049c9ee650d1faf
  specs:
    rspec_junit_formatter (0.2.0)
      builder (< 4)
      rspec (>= 2, < 4)
      rspec-core (!= 2.12.0)

GEM
  remote: https://rubygems.org/
  specs:
    builder (3.2.2)
    diff-lcs (1.2.5)
    rspec (2.99.0)
      rspec-core (~> 2.99.0)
      rspec-expectations (~> 2.99.0)
      rspec-mocks (~> 2.99.0)
    rspec-core (2.99.1)
    rspec-expectations (2.99.1)
      diff-lcs (>= 1.1.3, < 2.0)
    rspec-mocks (2.99.1)

PLATFORMS
  ruby

DEPENDENCIES
  rspec (= 2.99.0)
  rspec_junit_formatter!
